GEM
  remote: https://rubygems.org/
  specs:
    daemons (1.1.9)
    erubis (2.7.0)
    eventmachine (1.0.7)
    json (1.8.2)
    kgio (2.9.3)
    mime-types (2.2)
    rack (1.6.0)
    rack-protection (1.5.3)
      rack
    raindrops (0.13.0)
    rest-client (1.6.7)
      mime-types (>= 1.16)
    sinatra (1.4.5)
      rack (~> 1.4)
      rack-protection (~> 1.4)
      tilt (~> 1.3, >= 1.3.4)
    text_sentencer (0.1.0)
    thin (1.6.3)
      daemons (~> 1.0, >= 1.0.9)
      eventmachine (~> 1.0)
      rack (~> 1.0)
    tilt (1.4.1)
    unicorn (4.8.3)
      kgio (~> 2.6)
      rack
      raindrops (~> 0.7)

PLATFORMS
  ruby

DEPENDENCIES
  erubis
  json
  rest-client
  sinatra
  text_sentencer
  thin
  unicorn
